PATH
  remote: .
  specs:
    easy_cfdi (33.0.1)
      nokogiri
      openssl

GEM
  remote: https://rubygems.org/
  specs:
    diff-lcs (1.3)
    mini_portile2 (2.3.0)
    nokogiri (1.8.3)
      mini_portile2 (~> 2.3.0)
    openssl (2.1.0)
    rake (10.5.0)
    rspec (3.7.0)
      rspec-core (~> 3.7.0)
      rspec-expectations (~> 3.7.0)
      rspec-mocks (~> 3.7.0)
    rspec-core (3.7.1)
      rspec-support (~> 3.7.0)
    rspec-expectations (3.7.0)
      diff-lcs (>= 1.2.0, < 2.0)
      rspec-support (~> 3.7.0)
    rspec-mocks (3.7.0)
      diff-lcs (>= 1.2.0, < 2.0)
      rspec-support (~> 3.7.0)
    rspec-support (3.7.0)

PLATFORMS
  ruby

DEPENDENCIES
  bundler (~> 1.16)
  easy_cfdi!
  rake (~> 10.0)
  rspec (~> 3.0)

BUNDLED WITH
   1.16.4
